GEM
  remote: http://rubygems.org/
  specs:
    rack (1.5.3)

PLATFORMS
  ruby

DEPENDENCIES
  rack (~> 1.5.2)
